GEM
  remote: http://rubygems.org/
  specs:
    activesupport (3.0.9)
    i18n (0.6.0)
    nokogiri (1.4.6)

PLATFORMS
  ruby

DEPENDENCIES
  activesupport
  i18n
  nokogiri
